GEM
  remote: https://rubygems.org/
  specs:
    bcrypt_pbkdf (1.1.0)
    coderay (1.1.3)
    csv (3.2.6)
    dotenv (2.7.6)
    ed25519 (1.3.0)
    json (2.6.3)
    method_source (1.0.0)
    net-sftp (4.0.0)
      net-ssh (>= 5.0.0, < 8.0.0)
    net-ssh (7.1.0)
    pry (0.14.2)
      coderay (~> 1.1)
      method_source (~> 1.0)
    uri (0.10.0)

PLATFORMS
  x86_64-linux

DEPENDENCIES
  bcrypt_pbkdf (~> 1)
  csv
  dotenv
  ed25519 (~> 1.2)
  json
  net-sftp
  pry
  uri

BUNDLED WITH
   2.3.15
